REDIRECTS: ON
NUGET
  remote: https://www.nuget.org/api/v2
    Autofac (3.5.2)
    Autofac.Owin (3.1)
      Autofac (>= 3.5 < 4.0)
      Microsoft.Owin (>= 3.0 < 4.0)
    Autofac.WebApi2 (3.4)
      Autofac (>= 3.5 < 4.0)
      Microsoft.AspNet.WebApi.Core (>= 5.2 < 6.0)
    Autofac.WebApi2.Owin (3.2)
      Autofac (>= 3.5 < 4.0)
      Autofac.Owin (>= 3.1 < 4.0)
      Autofac.WebApi2 (>= 3.4 < 4.0)
    Dapper (1.42)
    dbup (3.3)
    Elasticsearch.Net (2.3.3)
      Microsoft.CSharp (>= 4.0.1-beta-23225) - framework: dnxcore50
      System.Collections (>= 4.0.11-beta-23225) - framework: dnxcore50
      System.Collections.Concurrent (>= 4.0.10-beta-23109) - framework: dnxcore50
      System.Collections.Specialized (>= 4.0.0-beta-23109) - framework: dnxcore50
      System.ComponentModel.TypeConverter (>= 4.0.0-beta-23109) - framework: dnxcore50
      System.Diagnostics.Tools (>= 4.0.1-beta-23225) - framework: dnxcore50
      System.Dynamic.Runtime (>= 4.0.11-beta-23516) - framework: dnxcore50
      System.IO.Compression (>= 4.0.0-beta-23109) - framework: dnxcore50
      System.Linq (>= 4.0.0-beta-23109) - framework: dnxcore50
      System.Linq.Expressions (>= 4.0.10-beta-23109) - framework: dnxcore50
      System.Net.Http (>= 4.0.1-beta-23225) - framework: dnxcore50
      System.Net.Requests (>= 4.0.11-beta-23516) - framework: dnxcore50
      System.Reflection (>= 4.1.0-beta-23225) - framework: dnxcore50
      System.Reflection.Extensions (>= 4.0.0-beta-23109) - framework: dnxcore50
      System.Reflection.Metadata (>= 1.1.0-alpha-00009) - framework: dnxcore50
      System.Reflection.Primitives (>= 4.0.0-beta-23109) - framework: dnxcore50
      System.Reflection.TypeExtensions (>= 4.0.0-beta-23109) - framework: dnxcore50
      System.Runtime (>= 4.0.21-beta-23225) - framework: dnxcore50
      System.Runtime.Serialization.Primitives (>= 4.0.10-beta-23109) - framework: dnxcore50
      System.Security.Cryptography.Encoding (>= 4.0.0-beta-23225) - framework: dnxcore50
      System.Security.Cryptography.X509Certificates (>= 4.0.0-beta-23225) - framework: dnxcore50
      System.Text.RegularExpressions (>= 4.0.10-beta-23109) - framework: dnxcore50
    EventStore.Client (3.4)
    HangFire.Core (1.5.3)
      Newtonsoft.Json (>= 5.0)
      Owin (>= 1.0)
    HangFire.SqlServer (1.5.3)
      HangFire.Core (1.5.3)
    JetBrains.Annotations (10.0)
    Microsoft.AspNet.WebApi.Client (5.2.3)
      Microsoft.Net.Http (>= 2.2.22) - framework: portable-wp80+win+net45+wp81+wpa81
      Newtonsoft.Json (>= 6.0.4) - framework: >= net45, portable-wp80+win+net45+wp81+wpa81
    Microsoft.AspNet.WebApi.Core (5.2.3)
      Microsoft.AspNet.WebApi.Client (>= 5.2.3)
    Microsoft.AspNet.WebApi.Owin (5.2.3)
      Microsoft.AspNet.WebApi.Core (>= 5.2.3 < 5.3)
      Microsoft.Owin (>= 2.0.2)
      Owin (>= 1.0)
    Microsoft.AspNet.WebApi.OwinSelfHost (5.2.3)
      Microsoft.AspNet.WebApi.Owin (>= 5.2.3 < 5.3)
      Microsoft.Owin.Host.HttpListener (>= 2.0.2)
      Microsoft.Owin.Hosting (>= 2.0.2)
    Microsoft.Bcl (1.1.10) - framework: portable-wp80+win+net45+wp81+wpa81
      Microsoft.Bcl.Build (>= 1.0.14)
    Microsoft.Bcl.Build (1.0.21) - import_targets: false, framework: portable-wp80+win+net45+wp81+wpa81
    Microsoft.CSharp (4.0.1-rc2-24027) - framework: dnxcore50
      System.Collections (>= 4.0.11-rc2-24027) - framework: dnxcore50, >= netstandard13
      System.Diagnostics.Debug (>= 4.0.11-rc2-24027) - framework: dnxcore50, >= netstandard13
      System.Dynamic.Runtime (>= 4.0.11-rc2-24027) - framework: dnxcore50, netstandard10, >= netstandard13
      System.Globalization (>= 4.0.11-rc2-24027) - framework: dnxcore50, >= netstandard13
      System.Linq (>= 4.1.0-rc2-24027) - framework: dnxcore50, >= netstandard13
      System.Linq.Expressions (>= 4.0.11-rc2-24027) - framework: dnxcore50, netstandard10, >= netstandard13
      System.ObjectModel (>= 4.0.12-rc2-24027) - framework: dnxcore50, >= netstandard13
      System.Reflection (>= 4.1.0-rc2-24027) - framework: dnxcore50, >= netstandard13
      System.Reflection.Extensions (>= 4.0.1-rc2-24027) - framework: dnxcore50, >= netstandard13
      System.Reflection.Primitives (>= 4.0.1-rc2-24027) - framework: dnxcore50, >= netstandard13
      System.Reflection.TypeExtensions (>= 4.1.0-rc2-24027) - framework: dnxcore50, >= netstandard13
      System.Resources.ResourceManager (>= 4.0.1-rc2-24027) - framework: dnxcore50, >= netstandard13
      System.Runtime (>= 4.1.0-rc2-24027) - framework: dnxcore50, netstandard10, >= netstandard13
      System.Runtime.Extensions (>= 4.1.0-rc2-24027) - framework: dnxcore50, >= netstandard13
      System.Runtime.InteropServices (>= 4.1.0-rc2-24027) - framework: dnxcore50, >= netstandard13
      System.Threading (>= 4.0.11-rc2-24027) - framework: dnxcore50, >= netstandard13
    Microsoft.Net.Http (2.2.29) - framework: portable-wp80+win+net45+wp81+wpa81
      Microsoft.Bcl (>= 1.1.10)
      Microsoft.Bcl.Build (>= 1.0.14)
    Microsoft.Owin (3.0.1)
      Owin (>= 1.0)
    Microsoft.Owin.Host.HttpListener (3.0.1)
    Microsoft.Owin.Hosting (3.0.1)
      Microsoft.Owin (>= 3.0.1)
      Owin (>= 1.0)
    NEST (2.3.3)
      Elasticsearch.Net (>= 2.3.3) - framework: net45, >= net46, dnxcore50
      Newtonsoft.Json (>= 8.0 < 9.0) - framework: net45, >= net46, dnxcore50
      System.Collections (>= 4.0.11-beta-23225) - framework: dnxcore50
      System.Diagnostics.Tools (>= 4.0.1-beta-23225) - framework: dnxcore50
      System.Dynamic.Runtime (>= 4.0.11-beta-23516) - framework: dnxcore50
      System.IO.FileSystem (>= 4.0.1-beta-23225) - framework: dnxcore50
      System.Linq (>= 4.0.0-beta-23109) - framework: dnxcore50
      System.Linq.Expressions (>= 4.0.11-beta-23516) - framework: dnxcore50
      System.Linq.Queryable (>= 4.0.0-beta-23109) - framework: dnxcore50
      System.Runtime (>= 4.0.21-beta-23225) - framework: dnxcore50
      System.Threading (>= 4.0.11-beta-23225) - framework: dnxcore50
      System.Threading.Timer (>= 4.0.0-beta-23109) - framework: dnxcore50
    Newtonsoft.Json (8.0.3)
    Owin (1.0)
    RabbitMQ.Client (3.6)
    runtime.native.System (4.0.0-rc2-24027) - framework: dnxcore50
    runtime.native.System.IO.Compression (4.1.0-rc2-24027) - framework: dnxcore50
    runtime.native.System.Net.Http (4.0.1-rc2-24027) - framework: dnxcore50
    runtime.native.System.Security.Cryptography (4.0.0-rc2-24027) - framework: dnxcore50
    System.Collections (4.0.11-rc2-24027) - framework: dnxcore50
      System.Runtime (>= 4.1.0-rc2-24027) - framework: dnxcore50, netstandard10, >= netstandard13
    System.Collections.Concurrent (4.0.12-rc2-24027) - framework: dnxcore50
      System.Collections (>= 4.0.11-rc2-24027) - framework: dnxcore50, >= netstandard13
      System.Diagnostics.Debug (>= 4.0.11-rc2-24027) - framework: dnxcore50, >= netstandard13
      System.Diagnostics.Tracing (>= 4.1.0-rc2-24027) - framework: dnxcore50, >= netstandard13
      System.Globalization (>= 4.0.11-rc2-24027) - framework: dnxcore50, >= netstandard13
      System.Resources.ResourceManager (>= 4.0.1-rc2-24027) - framework: dnxcore50, >= netstandard13
      System.Runtime (>= 4.1.0-rc2-24027) - framework: dnxcore50, netstandard11, >= netstandard13
      System.Runtime.Extensions (>= 4.1.0-rc2-24027) - framework: dnxcore50, >= netstandard13
      System.Threading (>= 4.0.11-rc2-24027) - framework: dnxcore50, >= netstandard13
      System.Threading.Tasks (>= 4.0.11-rc2-24027) - framework: dnxcore50, netstandard11, >= netstandard13
    System.Collections.Specialized (4.0.1-rc2-24027) - framework: dnxcore50
    System.ComponentModel.TypeConverter (4.0.1-rc2-24027) - framework: dnxcore50
    System.Data.SQLite.Core (1.0.99)
    System.Diagnostics.Contracts (4.0.1-rc2-24027) - framework: dnxcore50
      System.Runtime (>= 4.1.0-rc2-24027) - framework: dnxcore50, >= netstandard10
    System.Diagnostics.Debug (4.0.11-rc2-24027) - framework: dnxcore50
      System.Runtime (>= 4.1.0-rc2-24027) - framework: dnxcore50, netstandard10, >= netstandard13
    System.Diagnostics.DiagnosticSource (4.0.0-rc2-24027) - framework: dnxcore50
    System.Diagnostics.Tools (4.0.1-rc2-24027) - framework: dnxcore50
      System.Runtime (>= 4.1.0-rc2-24027) - framework: dnxcore50, >= netstandard10
    System.Diagnostics.Tracing (4.1.0-rc2-24027) - framework: dnxcore50
      System.Runtime (>= 4.1.0-rc2-24027) - framework: dnxcore50, netstandard11, netstandard12, netstandard13, >= netstandard15
    System.Dynamic.Runtime (4.0.11-rc2-24027) - framework: dnxcore50
      System.Collections (>= 4.0.11-rc2-24027) - framework: dnxcore50, >= netstandard13
      System.Diagnostics.Debug (>= 4.0.11-rc2-24027) - framework: dnxcore50, >= netstandard13
      System.Globalization (>= 4.0.11-rc2-24027) - framework: dnxcore50, >= netstandard13
      System.Linq (>= 4.1.0-rc2-24027) - framework: dnxcore50, >= netstandard13
      System.Linq.Expressions (>= 4.0.11-rc2-24027) - framework: dnxcore50, netstandard10, >= netstandard13
      System.ObjectModel (>= 4.0.12-rc2-24027) - framework: dnxcore50, netstandard10, >= netstandard13
      System.Reflection (>= 4.1.0-rc2-24027) - framework: dnxcore50, netstandard10, >= netstandard13
      System.Reflection.TypeExtensions (>= 4.1.0-rc2-24027) - framework: dnxcore50, >= netstandard13
      System.Resources.ResourceManager (>= 4.0.1-rc2-24027) - framework: dnxcore50, >= netstandard13
      System.Runtime (>= 4.1.0-rc2-24027) - framework: dnxcore50, netstandard10, >= netstandard13
      System.Runtime.Extensions (>= 4.1.0-rc2-24027) - framework: dnxcore50, >= netstandard13
      System.Threading (>= 4.0.11-rc2-24027) - framework: dnxcore50, >= netstandard13
    System.Globalization (4.0.11-rc2-24027) - framework: dnxcore50
      System.Runtime (>= 4.1.0-rc2-24027) - framework: dnxcore50, netstandard10, >= netstandard13
    System.Globalization.Calendars (4.0.1-rc2-24027) - framework: dnxcore50
    System.IO (4.1.0-rc2-24027) - framework: dnxcore50
      System.Runtime (>= 4.1.0-rc2-24027) - framework: dnxcore50, netstandard10, netstandard13, >= netstandard15
      System.Text.Encoding (>= 4.0.11-rc2-24027) - framework: dnxcore50, netstandard10, netstandard13, >= netstandard15
      System.Threading.Tasks (>= 4.0.11-rc2-24027) - framework: dnxcore50, netstandard10, netstandard13, >= netstandard15
    System.IO.Compression (4.1.0-rc2-24027) - framework: dnxcore50
      runtime.native.System.IO.Compression (>= 4.1.0-rc2-24027) - framework: >= net46, dnxcore50, netstandard11, >= netstandard13
      System.IO (>= 4.1.0-rc2-24027) - framework: dnxcore50, netstandard11, >= netstandard13
      System.Runtime (>= 4.1.0-rc2-24027) - framework: dnxcore50, netstandard11, >= netstandard13
      System.Text.Encoding (>= 4.0.11-rc2-24027) - framework: dnxcore50, netstandard11, >= netstandard13
      System.Threading.Tasks (>= 4.0.11-rc2-24027) - framework: dnxcore50, >= netstandard13
    System.IO.FileSystem (4.0.1-rc2-24027) - framework: dnxcore50
    System.Linq (4.1.0-rc2-24027) - framework: dnxcore50
      System.Collections (>= 4.0.11-rc2-24027) - framework: dnxcore50, netstandard10, >= netstandard15
      System.Diagnostics.Debug (>= 4.0.11-rc2-24027) - framework: dnxcore50, >= netstandard15
      System.Resources.ResourceManager (>= 4.0.1-rc2-24027) - framework: dnxcore50, >= netstandard15
      System.Runtime (>= 4.1.0-rc2-24027) - framework: dnxcore50, netstandard10, >= netstandard15
      System.Runtime.Extensions (>= 4.1.0-rc2-24027) - framework: dnxcore50, >= netstandard15
    System.Linq.Expressions (4.0.11-rc2-24027) - framework: dnxcore50
      System.Collections (>= 4.0.11-rc2-24027) - framework: dnxcore50, >= netstandard13
      System.Diagnostics.Debug (>= 4.0.11-rc2-24027) - framework: dnxcore50, >= netstandard13
      System.Globalization (>= 4.0.11-rc2-24027) - framework: dnxcore50, >= netstandard13
      System.IO (>= 4.1.0-rc2-24027) - framework: dnxcore50, >= netstandard13
      System.Linq (>= 4.1.0-rc2-24027) - framework: dnxcore50, >= netstandard13
      System.Reflection (>= 4.1.0-rc2-24027) - framework: dnxcore50, netstandard10, >= netstandard13
      System.Reflection.Emit.ILGeneration (>= 4.0.1-rc2-24027) - framework: dnxcore50, >= netstandard13
      System.Reflection.Emit.Lightweight (>= 4.0.1-rc2-24027) - framework: dnxcore50, >= netstandard13
      System.Reflection.Extensions (>= 4.0.1-rc2-24027) - framework: dnxcore50, >= netstandard13
      System.Reflection.Primitives (>= 4.0.1-rc2-24027) - framework: dnxcore50, >= netstandard13
      System.Reflection.TypeExtensions (>= 4.1.0-rc2-24027) - framework: dnxcore50, >= netstandard13
      System.Resources.ResourceManager (>= 4.0.1-rc2-24027) - framework: dnxcore50, >= netstandard13
      System.Runtime (>= 4.1.0-rc2-24027) - framework: dnxcore50, netstandard10, >= netstandard13
      System.Runtime.Extensions (>= 4.1.0-rc2-24027) - framework: dnxcore50, >= netstandard13
      System.Threading (>= 4.0.11-rc2-24027) - framework: dnxcore50, >= netstandard13
    System.Linq.Queryable (4.0.1-rc2-24027) - framework: dnxcore50
      System.Collections (>= 4.0.11-rc2-24027) - framework: dnxcore50, >= netstandard13
      System.Diagnostics.Debug (>= 4.0.11-rc2-24027) - framework: dnxcore50, >= netstandard13
      System.Linq (>= 4.1.0-rc2-24027) - framework: dnxcore50, netstandard10, >= netstandard13
      System.Linq.Expressions (>= 4.0.11-rc2-24027) - framework: dnxcore50, netstandard10, >= netstandard13
      System.Reflection (>= 4.1.0-rc2-24027) - framework: dnxcore50, >= netstandard13
      System.Reflection.Extensions (>= 4.0.1-rc2-24027) - framework: dnxcore50, >= netstandard13
      System.Resources.ResourceManager (>= 4.0.1-rc2-24027) - framework: dnxcore50, >= netstandard13
      System.Runtime (>= 4.1.0-rc2-24027) - framework: dnxcore50, netstandard10, >= netstandard13
    System.Net.Http (4.0.1-rc2-24027) - framework: dnxcore50
      runtime.native.System (>= 4.0.0-rc2-24027) - framework: dnxcore50, netstandard11, >= netstandard13
      runtime.native.System.Net.Http (>= 4.0.1-rc2-24027) - framework: dnxcore50, netstandard11, >= netstandard13
      runtime.native.System.Security.Cryptography (>= 4.0.0-rc2-24027) - framework: dnxcore50, netstandard11, >= netstandard13
      System.Collections (>= 4.0.11-rc2-24027) - framework: dnxcore50, >= netstandard13
      System.Diagnostics.Debug (>= 4.0.11-rc2-24027) - framework: dnxcore50, >= netstandard13
      System.Diagnostics.DiagnosticSource (>= 4.0.0-rc2-24027) - framework: dnxcore50, >= netstandard13
      System.Diagnostics.Tracing (>= 4.1.0-rc2-24027) - framework: dnxcore50, >= netstandard13
      System.Globalization (>= 4.0.11-rc2-24027) - framework: dnxcore50, >= netstandard13
      System.IO (>= 4.1.0-rc2-24027) - framework: dnxcore50, netstandard11, >= netstandard13
      System.IO.FileSystem (>= 4.0.1-rc2-24027) - framework: dnxcore50, >= netstandard14
      System.Net.Primitives (>= 4.0.11-rc2-24027) - framework: dnxcore50, netstandard11, >= netstandard13
      System.Resources.ResourceManager (>= 4.0.1-rc2-24027) - framework: dnxcore50, >= netstandard13
      System.Runtime (>= 4.1.0-rc2-24027) - framework: dnxcore50, netstandard11, >= netstandard13
      System.Runtime.Extensions (>= 4.1.0-rc2-24027) - framework: dnxcore50, >= netstandard13
      System.Runtime.Handles (>= 4.0.1-rc2-24027) - framework: dnxcore50, >= netstandard13
      System.Runtime.InteropServices (>= 4.1.0-rc2-24027) - framework: dnxcore50, >= netstandard13
      System.Runtime.WindowsRuntime (>= 4.0.11-rc2-24027) - framework: dnxcore50
      System.Security.Cryptography.Algorithms (>= 4.1.0-rc2-24027) - framework: dnxcore50, >= netstandard14
      System.Security.Cryptography.Encoding (>= 4.0.0-rc2-24027) - framework: dnxcore50, >= netstandard14
      System.Security.Cryptography.OpenSsl (>= 4.0.0-rc2-24027) - framework: dnxcore50, >= netstandard14
      System.Security.Cryptography.Primitives (>= 4.0.0-rc2-24027) - framework: dnxcore50, >= netstandard14
      System.Security.Cryptography.X509Certificates (>= 4.1.0-rc2-24027) - framework: dnxcore50, >= netstandard13
      System.Text.Encoding (>= 4.0.11-rc2-24027) - framework: dnxcore50, netstandard11, >= netstandard13
      System.Text.Encoding.Extensions (>= 4.0.11-rc2-24027) - framework: dnxcore50
      System.Threading (>= 4.0.11-rc2-24027) - framework: dnxcore50, >= netstandard13
      System.Threading.Tasks (>= 4.0.11-rc2-24027) - framework: dnxcore50, netstandard11, >= netstandard13
    System.Net.Primitives (4.0.11-rc2-24027) - framework: dnxcore50
      System.Runtime (>= 4.1.0-rc2-24027) - framework: dnxcore50, netstandard10, netstandard11, >= netstandard13
      System.Runtime.Handles (>= 4.0.1-rc2-24027) - framework: dnxcore50, >= netstandard13
    System.Net.Requests (4.0.11-rc2-24027) - framework: dnxcore50
      System.IO (>= 4.1.0-rc2-24027) - framework: dnxcore50, netstandard10, netstandard11, >= netstandard13
      System.Net.Primitives (>= 4.0.11-rc2-24027) - framework: dnxcore50, netstandard10, netstandard11, >= netstandard13
      System.Net.WebHeaderCollection (>= 4.0.1-rc2-24027) - framework: dnxcore50, >= netstandard13
      System.Runtime (>= 4.1.0-rc2-24027) - framework: dnxcore50, netstandard10, netstandard11, >= netstandard13
      System.Threading.Tasks (>= 4.0.11-rc2-24027) - framework: dnxcore50, netstandard11, >= netstandard13
    System.Net.WebHeaderCollection (4.0.1-rc2-24027) - framework: dnxcore50
    System.ObjectModel (4.0.12-rc2-24027) - framework: dnxcore50
      System.Collections (>= 4.0.11-rc2-24027) - framework: dnxcore50, >= netstandard13
      System.Diagnostics.Debug (>= 4.0.11-rc2-24027) - framework: dnxcore50, >= netstandard13
      System.Resources.ResourceManager (>= 4.0.1-rc2-24027) - framework: dnxcore50, >= netstandard13
      System.Runtime (>= 4.1.0-rc2-24027) - framework: dnxcore50, netstandard10, >= netstandard13
      System.Threading (>= 4.0.11-rc2-24027) - framework: dnxcore50, >= netstandard13
    System.Reflection (4.1.0-rc2-24027) - framework: dnxcore50
      System.IO (>= 4.1.0-rc2-24027) - framework: dnxcore50, netstandard10, netstandard13, >= netstandard15
      System.Reflection.Primitives (>= 4.0.1-rc2-24027) - framework: dnxcore50, netstandard10, netstandard13, >= netstandard15
      System.Runtime (>= 4.1.0-rc2-24027) - framework: dnxcore50, netstandard10, netstandard13, >= netstandard15
    System.Reflection.Emit.ILGeneration (4.0.1-rc2-24027) - framework: dnxcore50
    System.Reflection.Emit.Lightweight (4.0.1-rc2-24027) - framework: dnxcore50
    System.Reflection.Extensions (4.0.1-rc2-24027) - framework: dnxcore50
      System.Reflection (>= 4.1.0-rc2-24027) - framework: dnxcore50, >= netstandard10
      System.Runtime (>= 4.1.0-rc2-24027) - framework: dnxcore50, >= netstandard10
    System.Reflection.Metadata (1.3.0-rc2-24027) - framework: dnxcore50
    System.Reflection.Primitives (4.0.1-rc2-24027) - framework: dnxcore50
      System.Runtime (>= 4.1.0-rc2-24027) - framework: dnxcore50, >= netstandard10
    System.Reflection.TypeExtensions (4.1.0-rc2-24027) - framework: dnxcore50
      System.Diagnostics.Contracts (>= 4.0.1-rc2-24027) - framework: dnxcore50
      System.Diagnostics.Debug (>= 4.0.11-rc2-24027) - framework: dnxcore50
      System.Linq (>= 4.1.0-rc2-24027) - framework: dnxcore50
      System.Reflection (>= 4.1.0-rc2-24027) - framework: dnxcore50, netstandard13, >= netstandard15
      System.Reflection.Primitives (>= 4.0.1-rc2-24027) - framework: dnxcore50
      System.Resources.ResourceManager (>= 4.0.1-rc2-24027) - framework: dnxcore50
      System.Runtime (>= 4.1.0-rc2-24027) - framework: dnxcore50, netstandard13, >= netstandard15
      System.Runtime.Extensions (>= 4.1.0-rc2-24027) - framework: dnxcore50
    System.Resources.ResourceManager (4.0.1-rc2-24027) - framework: dnxcore50
      System.Globalization (>= 4.0.11-rc2-24027) - framework: dnxcore50, >= netstandard10
      System.Reflection (>= 4.1.0-rc2-24027) - framework: dnxcore50, >= netstandard10
      System.Runtime (>= 4.1.0-rc2-24027) - framework: dnxcore50, >= netstandard10
    System.Runtime (4.1.0-rc2-24027) - framework: dnxcore50
    System.Runtime.Extensions (4.1.0-rc2-24027) - framework: dnxcore50
      System.Runtime (>= 4.1.0-rc2-24027) - framework: dnxcore50, netstandard10, netstandard13, >= netstandard15
    System.Runtime.Handles (4.0.1-rc2-24027) - framework: dnxcore50
    System.Runtime.InteropServices (4.1.0-rc2-24027) - framework: dnxcore50
      System.Reflection (>= 4.1.0-rc2-24027) - framework: dnxcore50, netstandard11, netstandard12, netstandard13, >= netstandard15
      System.Reflection.Primitives (>= 4.0.1-rc2-24027) - framework: dnxcore50, netstandard11, netstandard12, netstandard13, >= netstandard15
      System.Runtime (>= 4.1.0-rc2-24027) - framework: dnxcore50, netstandard11, netstandard12, netstandard13, >= netstandard15
      System.Runtime.Handles (>= 4.0.1-rc2-24027) - framework: dnxcore50, netstandard13, >= netstandard15
    System.Runtime.Numerics (4.0.1-rc2-24027) - framework: dnxcore50
      System.Globalization (>= 4.0.11-rc2-24027) - framework: dnxcore50, >= netstandard13
      System.Resources.ResourceManager (>= 4.0.1-rc2-24027) - framework: dnxcore50, >= netstandard13
      System.Runtime (>= 4.1.0-rc2-24027) - framework: dnxcore50, netstandard11, >= netstandard13
      System.Runtime.Extensions (>= 4.1.0-rc2-24027) - framework: dnxcore50, >= netstandard13
    System.Runtime.Serialization.Primitives (4.1.1-rc2-24027) - framework: dnxcore50
      System.Resources.ResourceManager (>= 4.0.1-rc2-24027) - framework: dnxcore50, >= netstandard13
      System.Runtime (>= 4.1.0-rc2-24027) - framework: dnxcore50, netstandard10, >= netstandard13
    System.Runtime.WindowsRuntime (4.0.11-rc2-24027) - framework: dnxcore50
      System.Diagnostics.Debug (>= 4.0.11-rc2-24027) - framework: dnxcore50
      System.Globalization (>= 4.0.11-rc2-24027) - framework: dnxcore50
      System.IO (>= 4.1.0-rc2-24027) - framework: dnxcore50, netstandard10, >= netstandard12
      System.Resources.ResourceManager (>= 4.0.1-rc2-24027) - framework: dnxcore50
      System.Runtime (>= 4.1.0-rc2-24027) - framework: dnxcore50, netstandard10, >= netstandard12
      System.Runtime.Extensions (>= 4.1.0-rc2-24027) - framework: dnxcore50
      System.Runtime.InteropServices (>= 4.1.0-rc2-24027) - framework: dnxcore50
      System.Threading (>= 4.0.11-rc2-24027) - framework: dnxcore50
      System.Threading.Tasks (>= 4.0.11-rc2-24027) - framework: dnxcore50, netstandard10, >= netstandard12
    System.Security.Cryptography.Algorithms (4.1.0-rc2-24027) - framework: dnxcore50
    System.Security.Cryptography.Cng (4.1.0-rc2-24027) - framework: dnxcore50
    System.Security.Cryptography.Encoding (4.0.0-rc2-24027) - framework: dnxcore50
    System.Security.Cryptography.OpenSsl (4.0.0-rc2-24027) - framework: dnxcore50
    System.Security.Cryptography.Primitives (4.0.0-rc2-24027) - framework: dnxcore50
    System.Security.Cryptography.X509Certificates (4.1.0-rc2-24027) - framework: dnxcore50
      runtime.native.System (>= 4.0.0-rc2-24027) - framework: net46, >= net461, dnxcore50, >= netstandard13
      runtime.native.System.Net.Http (>= 4.0.1-rc2-24027) - framework: net46, >= net461, dnxcore50, >= netstandard13
      runtime.native.System.Security.Cryptography (>= 4.0.0-rc2-24027) - framework: net46, >= net461, dnxcore50, >= netstandard13
      System.Collections (>= 4.0.11-rc2-24027) - framework: dnxcore50, >= netstandard14
      System.Globalization (>= 4.0.11-rc2-24027) - framework: dnxcore50, >= netstandard14
      System.Globalization.Calendars (>= 4.0.1-rc2-24027) - framework: dnxcore50, >= netstandard14
      System.IO (>= 4.1.0-rc2-24027) - framework: dnxcore50, >= netstandard14
      System.IO.FileSystem (>= 4.0.1-rc2-24027) - framework: dnxcore50, >= netstandard14
      System.Resources.ResourceManager (>= 4.0.1-rc2-24027) - framework: dnxcore50, >= netstandard14
      System.Runtime (>= 4.1.0-rc2-24027) - framework: dnxcore50, >= netstandard13
      System.Runtime.Extensions (>= 4.1.0-rc2-24027) - framework: dnxcore50, >= netstandard14
      System.Runtime.Handles (>= 4.0.1-rc2-24027) - framework: dnxcore50, >= netstandard13
      System.Runtime.InteropServices (>= 4.1.0-rc2-24027) - framework: dnxcore50, >= netstandard14
      System.Runtime.Numerics (>= 4.0.1-rc2-24027) - framework: dnxcore50, >= netstandard14
      System.Security.Cryptography.Algorithms (>= 4.1.0-rc2-24027) - framework: net46, >= net461, dnxcore50, >= netstandard13
      System.Security.Cryptography.Cng (>= 4.1.0-rc2-24027) - framework: dnxcore50, >= netstandard14
      System.Security.Cryptography.Encoding (>= 4.0.0-rc2-24027) - framework: net46, >= net461, dnxcore50, >= netstandard13
      System.Security.Cryptography.Primitives (>= 4.0.0-rc2-24027) - framework: dnxcore50, >= netstandard14
      System.Text.Encoding (>= 4.0.11-rc2-24027) - framework: dnxcore50, >= netstandard14
      System.Threading (>= 4.0.11-rc2-24027) - framework: dnxcore50, >= netstandard14
    System.Text.Encoding (4.0.11-rc2-24027) - framework: dnxcore50
      System.Runtime (>= 4.1.0-rc2-24027) - framework: dnxcore50, netstandard10, >= netstandard13
    System.Text.Encoding.Extensions (4.0.11-rc2-24027) - framework: dnxcore50
      System.Runtime (>= 4.1.0-rc2-24027) - framework: dnxcore50, netstandard10, >= netstandard13
      System.Text.Encoding (>= 4.0.11-rc2-24027) - framework: dnxcore50, netstandard10, >= netstandard13
    System.Text.RegularExpressions (4.0.12-rc2-24027) - framework: dnxcore50
      System.Collections (>= 4.0.11-rc2-24027) - framework: dnxcore50, >= netstandard13
      System.Globalization (>= 4.0.11-rc2-24027) - framework: dnxcore50, >= netstandard13
      System.Resources.ResourceManager (>= 4.0.1-rc2-24027) - framework: dnxcore50, >= netstandard13
      System.Runtime (>= 4.1.0-rc2-24027) - framework: dnxcore50, netstandard10, >= netstandard13
      System.Runtime.Extensions (>= 4.1.0-rc2-24027) - framework: dnxcore50, >= netstandard13
      System.Threading (>= 4.0.11-rc2-24027) - framework: dnxcore50, >= netstandard13
    System.Threading (4.0.11-rc2-24027) - framework: dnxcore50
      System.Runtime (>= 4.1.0-rc2-24027) - framework: dnxcore50, netstandard10, >= netstandard13
      System.Threading.Tasks (>= 4.0.11-rc2-24027) - framework: dnxcore50, netstandard10, >= netstandard13
    System.Threading.Tasks (4.0.11-rc2-24027) - framework: dnxcore50
      System.Runtime (>= 4.1.0-rc2-24027) - framework: dnxcore50, netstandard10, >= netstandard13
    System.Threading.Timer (4.0.1-rc2-24027) - framework: dnxcore50
      System.Runtime (>= 4.1.0-rc2-24027) - framework: dnxcore50, >= netstandard12

GROUP Build
REDIRECTS: OFF
NUGET
  remote: https://www.nuget.org/api/v2
    Cake (0.13)
    GitVersion.CommandLine (3.5.4)
    ilmerge (2.14.1208)
    NuGet.CommandLine (3.4.3)
    NUnit.Runners (2.6.4)

GROUP Test
REDIRECTS: ON
NUGET
  remote: https://www.nuget.org/api/v2
    AutoFixture (3.38.1)
    AutoFixture.AutoMoq (3.31.1) - framework: >= net451
      AutoFixture (>= 3.31.1)
      Moq (>= 4.1.1308.2120)
    FluentAssertions (4.2.1)
      System.Collections (>= 4.0.10) - framework: dnxcore50
      System.Diagnostics.Debug (>= 4.0.10) - framework: dnxcore50
      System.Globalization (>= 4.0.10) - framework: dnxcore50
      System.Linq (>= 4.0) - framework: dnxcore50
      System.Linq.Expressions (>= 4.0.10) - framework: dnxcore50
      System.ObjectModel (>= 4.0.10) - framework: dnxcore50
      System.Reflection (>= 4.0.10) - framework: dnxcore50
      System.Reflection.Extensions (>= 4.0) - framework: dnxcore50
      System.Reflection.Primitives (>= 4.0) - framework: dnxcore50
      System.Reflection.TypeExtensions (>= 4.0) - framework: dnxcore50
      System.Runtime (>= 4.0.20) - framework: dnxcore50
      System.Runtime.Extensions (>= 4.0.10) - framework: dnxcore50
      System.Text.RegularExpressions (>= 4.0.10) - framework: dnxcore50
      System.Threading (>= 4.0.10) - framework: dnxcore50
      System.Threading.Tasks (>= 4.0.10) - framework: dnxcore50
      System.Xml.XDocument (>= 4.0.10) - framework: dnxcore50
    Helpz (0.1.8) - framework: >= net451
    Moq (4.2.1510.2205)
    NUnit (2.6.4)
    OpenCover (4.6.519)
    System.Collections (4.0.10) - framework: dnxcore50
      System.Diagnostics.Debug (>= 4.0) - framework: dnxcore50
      System.Resources.ResourceManager (>= 4.0) - framework: dnxcore50
      System.Runtime (>= 4.0) - framework: dnxcore50
      System.Runtime (>= 4.0.20) - framework: dnxcore50
      System.Runtime.Extensions (>= 4.0) - framework: dnxcore50
      System.Threading (>= 4.0) - framework: dnxcore50
    System.Diagnostics.Contracts (4.0) - framework: dnxcore50
      System.Runtime (>= 4.0) - framework: dnxcore50
    System.Diagnostics.Debug (4.0.10) - framework: dnxcore50
      System.Runtime (>= 4.0) - framework: dnxcore50
    System.Globalization (4.0.10) - framework: dnxcore50
      System.Runtime (>= 4.0) - framework: dnxcore50
    System.IO (4.0.10) - framework: dnxcore50
      System.Globalization (>= 4.0) - framework: dnxcore50
      System.Runtime (>= 4.0.20) - framework: dnxcore50
      System.Text.Encoding (>= 4.0) - framework: dnxcore50
      System.Text.Encoding (>= 4.0.10) - framework: dnxcore50
      System.Text.Encoding.Extensions (>= 4.0) - framework: dnxcore50
      System.Threading (>= 4.0) - framework: dnxcore50
      System.Threading.Tasks (>= 4.0) - framework: dnxcore50
    System.IO.FileSystem (4.0) - framework: dnxcore50
      System.Collections (>= 4.0.10) - framework: dnxcore50
      System.Diagnostics.Debug (>= 4.0.10) - framework: dnxcore50
      System.IO (>= 4.0) - framework: dnxcore50
      System.IO (>= 4.0.10) - framework: dnxcore50
      System.IO.FileSystem.Primitives (>= 4.0) - framework: dnxcore50
      System.Resources.ResourceManager (>= 4.0) - framework: dnxcore50
      System.Runtime (>= 4.0) - framework: dnxcore50
      System.Runtime (>= 4.0.20) - framework: dnxcore50
      System.Runtime.Extensions (>= 4.0.10) - framework: dnxcore50
      System.Runtime.Handles (>= 4.0) - framework: dnxcore50
      System.Runtime.InteropServices (>= 4.0.20) - framework: dnxcore50
      System.Runtime.WindowsRuntime (>= 4.0) - framework: dnxcore50
      System.Text.Encoding (>= 4.0) - framework: dnxcore50
      System.Text.Encoding (>= 4.0.10) - framework: dnxcore50
      System.Text.Encoding.Extensions (>= 4.0.10) - framework: dnxcore50
      System.Threading (>= 4.0.10) - framework: dnxcore50
      System.Threading.Overlapped (>= 4.0) - framework: dnxcore50
      System.Threading.Tasks (>= 4.0) - framework: dnxcore50
      System.Threading.Tasks (>= 4.0.10) - framework: dnxcore50
    System.IO.FileSystem.Primitives (4.0) - framework: dnxcore50
      System.Runtime (>= 4.0.20) - framework: dnxcore50
    System.Linq (4.0) - framework: dnxcore50
      System.Collections (>= 4.0.10) - framework: dnxcore50
      System.Diagnostics.Debug (>= 4.0.10) - framework: dnxcore50
      System.Resources.ResourceManager (>= 4.0) - framework: dnxcore50
      System.Runtime (>= 4.0.20) - framework: dnxcore50
      System.Runtime.Extensions (>= 4.0.10) - framework: dnxcore50
    System.Linq.Expressions (4.0.10) - framework: dnxcore50
      System.Collections (>= 4.0) - framework: dnxcore50
      System.Diagnostics.Debug (>= 4.0) - framework: dnxcore50
      System.Globalization (>= 4.0) - framework: dnxcore50
      System.IO (>= 4.0) - framework: dnxcore50
      System.Linq (>= 4.0) - framework: dnxcore50
      System.ObjectModel (>= 4.0) - framework: dnxcore50
      System.Reflection (>= 4.0) - framework: dnxcore50
      System.Reflection.Emit (>= 4.0) - framework: dnxcore50
      System.Reflection.Extensions (>= 4.0) - framework: dnxcore50
      System.Reflection.Primitives (>= 4.0) - framework: dnxcore50
      System.Reflection.TypeExtensions (>= 4.0) - framework: dnxcore50
      System.Resources.ResourceManager (>= 4.0) - framework: dnxcore50
      System.Runtime (>= 4.0) - framework: dnxcore50
      System.Runtime (>= 4.0.20) - framework: dnxcore50
      System.Runtime.Extensions (>= 4.0) - framework: dnxcore50
      System.Threading (>= 4.0) - framework: dnxcore50
    System.ObjectModel (4.0.10) - framework: dnxcore50
      System.Collections (>= 4.0.10) - framework: dnxcore50
      System.Diagnostics.Debug (>= 4.0.10) - framework: dnxcore50
      System.Resources.ResourceManager (>= 4.0) - framework: dnxcore50
      System.Runtime (>= 4.0.20) - framework: dnxcore50
      System.Threading (>= 4.0.10) - framework: dnxcore50
    System.Private.Uri (4.0) - framework: dnxcore50
    System.Reflection (4.0.10) - framework: dnxcore50
      System.IO (>= 4.0) - framework: dnxcore50
      System.Reflection.Primitives (>= 4.0) - framework: dnxcore50
      System.Runtime (>= 4.0.20) - framework: dnxcore50
    System.Reflection.Emit (4.0) - framework: dnxcore50
      System.IO (>= 4.0) - framework: dnxcore50
      System.Reflection (>= 4.0) - framework: dnxcore50
      System.Reflection.Emit.ILGeneration (>= 4.0) - framework: dnxcore50
      System.Reflection.Primitives (>= 4.0) - framework: dnxcore50
      System.Runtime (>= 4.0) - framework: dnxcore50
    System.Reflection.Emit.ILGeneration (4.0) - framework: dnxcore50
      System.Reflection (>= 4.0) - framework: dnxcore50
      System.Reflection.Primitives (>= 4.0) - framework: dnxcore50
      System.Runtime (>= 4.0) - framework: dnxcore50
    System.Reflection.Extensions (4.0) - framework: dnxcore50
      System.Diagnostics.Debug (>= 4.0.10) - framework: dnxcore50
      System.Reflection (>= 4.0) - framework: dnxcore50
      System.Reflection (>= 4.0.10) - framework: dnxcore50
      System.Reflection.Primitives (>= 4.0) - framework: dnxcore50
      System.Reflection.TypeExtensions (>= 4.0) - framework: dnxcore50
      System.Resources.ResourceManager (>= 4.0) - framework: dnxcore50
      System.Runtime (>= 4.0) - framework: dnxcore50
      System.Runtime (>= 4.0.20) - framework: dnxcore50
      System.Runtime.Extensions (>= 4.0.10) - framework: dnxcore50
    System.Reflection.Primitives (4.0) - framework: dnxcore50
      System.Runtime (>= 4.0) - framework: dnxcore50
      System.Threading (>= 4.0) - framework: dnxcore50
    System.Reflection.TypeExtensions (4.0) - framework: dnxcore50
      System.Diagnostics.Contracts (>= 4.0) - framework: dnxcore50
      System.Diagnostics.Debug (>= 4.0.10) - framework: dnxcore50
      System.Linq (>= 4.0) - framework: dnxcore50
      System.Reflection (>= 4.0) - framework: dnxcore50
      System.Reflection (>= 4.0.10) - framework: dnxcore50
      System.Reflection.Primitives (>= 4.0) - framework: dnxcore50
      System.Resources.ResourceManager (>= 4.0) - framework: dnxcore50
      System.Runtime (>= 4.0) - framework: dnxcore50
      System.Runtime (>= 4.0.20) - framework: dnxcore50
      System.Runtime.Extensions (>= 4.0.10) - framework: dnxcore50
    System.Resources.ResourceManager (4.0) - framework: dnxcore50
      System.Globalization (>= 4.0) - framework: dnxcore50
      System.Reflection (>= 4.0) - framework: dnxcore50
      System.Reflection (>= 4.0.10) - framework: dnxcore50
      System.Runtime (>= 4.0) - framework: dnxcore50
      System.Runtime (>= 4.0.20) - framework: dnxcore50
    System.Runtime (4.0.20) - framework: dnxcore50
      System.Private.Uri (>= 4.0) - framework: dnxcore50
    System.Runtime.Extensions (4.0.10) - framework: dnxcore50
      System.Runtime (>= 4.0.20) - framework: dnxcore50
    System.Runtime.Handles (4.0) - framework: dnxcore50
      System.Runtime (>= 4.0) - framework: dnxcore50
    System.Runtime.InteropServices (4.0.20) - framework: dnxcore50
      System.Reflection (>= 4.0) - framework: dnxcore50
      System.Reflection.Primitives (>= 4.0) - framework: dnxcore50
      System.Runtime (>= 4.0) - framework: dnxcore50
      System.Runtime.Handles (>= 4.0) - framework: dnxcore50
    System.Runtime.WindowsRuntime (4.0.10) - framework: dnxcore50
      System.Diagnostics.Debug (>= 4.0.10) - framework: dnxcore50
      System.Globalization (>= 4.0) - framework: dnxcore50
      System.IO (>= 4.0) - framework: dnxcore50
      System.IO (>= 4.0.10) - framework: dnxcore50
      System.ObjectModel (>= 4.0) - framework: dnxcore50
      System.Resources.ResourceManager (>= 4.0) - framework: dnxcore50
      System.Runtime (>= 4.0) - framework: dnxcore50
      System.Runtime (>= 4.0.20) - framework: dnxcore50
      System.Runtime.Extensions (>= 4.0) - framework: dnxcore50
      System.Runtime.InteropServices (>= 4.0.20) - framework: dnxcore50
      System.Threading (>= 4.0.10) - framework: dnxcore50
      System.Threading.Tasks (>= 4.0) - framework: dnxcore50
      System.Threading.Tasks (>= 4.0.10) - framework: dnxcore50
    System.Text.Encoding (4.0.10) - framework: dnxcore50
      System.Runtime (>= 4.0) - framework: dnxcore50
    System.Text.Encoding.Extensions (4.0.10) - framework: dnxcore50
      System.Runtime (>= 4.0) - framework: dnxcore50
      System.Text.Encoding (>= 4.0.10) - framework: dnxcore50
    System.Text.RegularExpressions (4.0.10) - framework: dnxcore50
      System.Collections (>= 4.0.10) - framework: dnxcore50
      System.Globalization (>= 4.0.10) - framework: dnxcore50
      System.Resources.ResourceManager (>= 4.0) - framework: dnxcore50
      System.Runtime (>= 4.0.20) - framework: dnxcore50
      System.Runtime.Extensions (>= 4.0.10) - framework: dnxcore50
      System.Threading (>= 4.0.10) - framework: dnxcore50
    System.Threading (4.0.10) - framework: dnxcore50
      System.Runtime (>= 4.0) - framework: dnxcore50
      System.Threading.Tasks (>= 4.0) - framework: dnxcore50
    System.Threading.Overlapped (4.0) - framework: dnxcore50
      System.Resources.ResourceManager (>= 4.0) - framework: dnxcore50
      System.Runtime (>= 4.0) - framework: dnxcore50
      System.Runtime (>= 4.0.20) - framework: dnxcore50
      System.Runtime.Extensions (>= 4.0) - framework: dnxcore50
      System.Runtime.Handles (>= 4.0) - framework: dnxcore50
      System.Runtime.InteropServices (>= 4.0.20) - framework: dnxcore50
      System.Threading (>= 4.0.10) - framework: dnxcore50
    System.Threading.Tasks (4.0.10) - framework: dnxcore50
      System.Runtime (>= 4.0) - framework: dnxcore50
    System.Xml.ReaderWriter (4.0.10) - framework: dnxcore50
      System.Collections (>= 4.0.10) - framework: dnxcore50
      System.Diagnostics.Debug (>= 4.0.10) - framework: dnxcore50
      System.Globalization (>= 4.0.10) - framework: dnxcore50
      System.IO (>= 4.0.10) - framework: dnxcore50
      System.IO.FileSystem (>= 4.0) - framework: dnxcore50
      System.IO.FileSystem.Primitives (>= 4.0) - framework: dnxcore50
      System.Resources.ResourceManager (>= 4.0) - framework: dnxcore50
      System.Runtime (>= 4.0.20) - framework: dnxcore50
      System.Runtime.Extensions (>= 4.0.10) - framework: dnxcore50
      System.Runtime.InteropServices (>= 4.0.20) - framework: dnxcore50
      System.Text.Encoding (>= 4.0.10) - framework: dnxcore50
      System.Text.Encoding.Extensions (>= 4.0.10) - framework: dnxcore50
      System.Text.RegularExpressions (>= 4.0.10) - framework: dnxcore50
      System.Threading.Tasks (>= 4.0.10) - framework: dnxcore50
    System.Xml.XDocument (4.0.10) - framework: dnxcore50
      System.Collections (>= 4.0.10) - framework: dnxcore50
      System.Diagnostics.Debug (>= 4.0.10) - framework: dnxcore50
      System.Globalization (>= 4.0.10) - framework: dnxcore50
      System.IO (>= 4.0.10) - framework: dnxcore50
      System.Reflection (>= 4.0.10) - framework: dnxcore50
      System.Resources.ResourceManager (>= 4.0) - framework: dnxcore50
      System.Runtime (>= 4.0.20) - framework: dnxcore50
      System.Runtime.Extensions (>= 4.0.10) - framework: dnxcore50
      System.Text.Encoding (>= 4.0.10) - framework: dnxcore50
      System.Threading (>= 4.0.10) - framework: dnxcore50
      System.Xml.ReaderWriter (>= 4.0.10) - framework: dnxcore50
